PATH
  remote: .
  specs:
    theme_color_picker_presenter_plugin (0.0.1)

GEM
  remote: https://rubygems.org/
  specs:
    rake (10.5.0)

PLATFORMS
  ruby

DEPENDENCIES
  bundler (~> 2.0)
  theme_color_picker_presenter_plugin!
  rake (~> 10.0)

BUNDLED WITH
   2.2.20
